GIT
  remote: https://github.com/cre-ne-jp/cinch-test
  revision: c29e33a495b007061acf76e9edbb81e7a4f2a34c
  specs:
    cinch-test (0.1.3)

GEM
  remote: https://rubygems.org/
  specs:
    activesupport (6.1.3.1)
      concurrent-ruby (~> 1.0, >= 1.0.2)
      i18n (>= 1.6, < 2)
      minitest (>= 5.1)
      tzinfo (~> 2.0)
      zeitwerk (~> 2.3)
    ast (2.4.2)
    byebug (11.1.3)
    concurrent-ruby (1.1.8)
    google-protobuf (3.15.8)
    google-protobuf (3.15.8-x64-mingw32)
    googleapis-common-protos-types (1.0.6)
      google-protobuf (~> 3.14)
    grpc (1.37.1)
      google-protobuf (~> 3.15)
      googleapis-common-protos-types (~> 1.0)
    grpc (1.37.1-x64-mingw32)
      google-protobuf (~> 3.15)
      googleapis-common-protos-types (~> 1.0)
    grpc-tools (1.37.1)
    i18n (1.8.10)
      concurrent-ruby (~> 1.0)
    mcinch (2.4.1)
    minitest (5.14.4)
    ocra (1.3.11)
    parallel (1.20.1)
    parser (3.0.1.0)
      ast (~> 2.4.1)
    power_assert (2.0.0)
    rainbow (3.0.0)
    rake (13.0.3)
    redcarpet (3.5.1)
    regexp_parser (2.1.1)
    rexml (3.2.5)
    rubocop (1.13.0)
      parallel (~> 1.10)
      parser (>= 3.0.0.0)
      rainbow (>= 2.2.2, < 4.0)
      regexp_parser (>= 1.8, < 3.0)
      rexml
      rubocop-ast (>= 1.2.0, < 2.0)
      ruby-progressbar (~> 1.7)
      unicode-display_width (>= 1.4.0, < 3.0)
    rubocop-ast (1.4.1)
      parser (>= 2.7.1.5)
    ruby-progressbar (1.11.0)
    test-unit (3.4.1)
      power_assert
    tzinfo (2.0.4)
      concurrent-ruby (~> 1.0)
    unicode-display_width (2.0.0)
    yard (0.9.26)
    zeitwerk (2.4.2)

PLATFORMS
  ruby
  x64-mingw32

DEPENDENCIES
  activesupport
  byebug
  cinch-test!
  grpc
  grpc-tools
  mcinch (>= 2.4)
  ocra
  rake
  redcarpet
  rubocop
  test-unit
  yard

RUBY VERSION
   ruby 2.7.1p83

BUNDLED WITH
   2.2.16
